GEM
  remote: https://rubygems.org/
  specs:
    hpricot (0.8.6)
    json (1.8.1)

PLATFORMS
  ruby

DEPENDENCIES
  hpricot
  json
