GEM
  remote: https://rubygems.org/
  specs:
    awesome_print (1.2.0)
    mini_exiftool (2.3.0)

PLATFORMS
  ruby

DEPENDENCIES
  awesome_print
  mini_exiftool
